GEM
  remote: https://rubygems.org/
  specs:
    Ascii85 (1.0.2)
    actionmailer (4.1.6)
      actionpack (= 4.1.6)
      actionview (= 4.1.6)
      mail (~> 2.5, >= 2.5.4)
    actionpack (4.1.6)
      actionview (= 4.1.6)
      activesupport (= 4.1.6)
      rack (~> 1.5.2)
      rack-test (~> 0.6.2)
    actionview (4.1.6)
      activesupport (= 4.1.6)
      builder (~> 3.1)
      erubis (~> 2.7.0)
    activemodel (4.1.6)
      activesupport (= 4.1.6)
      builder (~> 3.1)
    activerecord (4.1.6)
      activemodel (= 4.1.6)
      activesupport (= 4.1.6)
      arel (~> 5.0.0)
    activesupport (4.1.6)
      i18n (~> 0.6, >= 0.6.9)
      json (~> 1.7, >= 1.7.7)
      minitest (~> 5.1)
      thread_safe (~> 0.1)
      tzinfo (~> 1.1)
    afm (0.2.2)
    akami (1.2.2)
      gyoku (>= 0.4.0)
      nokogiri
    alias (0.2.3)
    arel (5.0.1.20140414130214)
    auto-correct (0.1.0.pre0)
      activesupport (> 3.0.0)
    awesome_nested_set (3.0.1)
      activerecord (>= 4.0.0, < 5)
    awesome_print (1.2.0)
    bcrypt (3.1.7)
    better_errors (2.0.0)
      coderay (>= 1.0.0)
      erubis (>= 2.6.6)
      rack (>= 0.9.0)
    bindata (2.1.0)
    binding.repl (1.0.4.1)
    binding_of_caller (0.7.2)
      debug_inspector (>= 0.0.1)
    bond (0.5.1)
    boson (1.2.4)
    boson-more (0.2.2)
      boson (>= 1.2.0)
    brakeman (2.6.2)
      erubis (~> 2.6)
      fastercsv (~> 1.5)
      haml (>= 3.0, < 5.0)
      highline (~> 1.6.20)
      multi_json (~> 1.2)
      ruby2ruby (~> 2.1.1)
      ruby_parser (~> 3.5.0)
      sass (~> 3.0)
      slim (>= 1.3.6, < 3.0)
      terminal-table (~> 1.4)
    browser (0.6.0)
    bson (2.3.0)
    builder (3.2.2)
    camping (2.1.532)
      mab (>= 0.0.3)
      rack (>= 1.0)
    carrierwave (0.10.0)
      activemodel (>= 3.2.0)
      activesupport (>= 3.2.0)
      json (>= 1.7)
      mime-types (>= 1.16)
    celluloid (0.15.2)
      timers (~> 1.1.0)
    chronic (0.10.2)
    clipboard (1.0.5)
    coderay (1.1.0)
    connection_pool (2.0.0)
    daemons (1.1.9)
    debug_inspector (0.0.2)
    debugging (1.0.1)
      binding.repl (~> 1)
      paint (~> 0, >= 0.8.7)
    devise (3.2.4)
      bcrypt (~> 3.0)
      orm_adapter (~> 0.1)
      railties (>= 3.2.6, < 5)
      thread_safe (~> 0.1)
      warden (~> 1.2.3)
    diff-lcs (1.2.5)
    domain_name (0.5.21)
      unf (>= 0.0.5, < 1.0.0)
    erubis (2.7.0)
    eventmachine (1.0.3)
    every_day_irb (1.6.1)
    factory_girl (4.4.0)
      activesupport (>= 3.0.0)
    factory_girl_rails (4.4.1)
      factory_girl (~> 4.4.0)
      railties (>= 3.0.0)
    fancy_irb (0.7.3)
      paint (>= 0.8.1)
      unicode-display_width (>= 0.1.1)
    fastercsv (1.5.5)
    ffi (1.9.5)
    g (1.7.2)
    gem-browse (1.0.0)
    gon (5.1.2)
      actionpack (>= 2.3.0)
      json
      multi_json
      request_store (>= 1.0.5)
    gyoku (1.1.1)
      builder (>= 2.1.2)
    haml (4.0.5)
      tilt
    hashery (2.1.1)
    highline (1.6.21)
    hike (1.2.3)
    hirb (0.7.2)
    hooks (0.4.0)
      uber (~> 0.0.4)
    http-cookie (1.0.2)
      domain_name (~> 0.5)
    httpi (2.2.7)
      rack
    i18n (0.6.11)
    interactive_editor (0.0.10)
      spoon (>= 0.0.1)
    irbtools (1.6.1)
      alias (~> 0.2.3)
      awesome_print (~> 1.2)
      binding.repl (>= 1.0.1)
      boson (~> 1.2.4)
      boson-more (~> 0.2.2)
      clipboard (~> 1.0.5)
      coderay (~> 1.1.0)
      debugging (~> 1.0)
      every_day_irb (>= 1.6.1)
      fancy_irb (>= 0.7.3)
      g (>= 1.7.2)
      hirb (~> 0.7)
      interactive_editor (>= 0.0.10)
      method_locator (>= 0.0.4)
      method_source (>= 0.8.2)
      methodfinder (>= 1.2.5)
      ori (~> 0.1.0)
      os (~> 0.9)
      paint (>= 0.8.7)
      ruby_engine (~> 1.0)
      ruby_info (~> 1.0)
      ruby_version (~> 1.0)
      wirb (>= 1.0.3)
    irbtools-more (1.6.1)
      binding_of_caller (~> 0.7)
      bond (~> 0.5)
      irbtools (~> 1.6)
      looksee (~> 2.0)
    json (1.8.1)
    kaminari (0.16.1)
      actionpack (>= 3.0.0)
      activesupport (>= 3.0.0)
    kgio (2.9.2)
    libv8 (3.16.14.3)
    looksee (2.1.1)
    mab (0.0.3)
    macaddr (1.7.1)
      systemu (~> 2.6.2)
    mail (2.6.1)
      mime-types (>= 1.16, < 3)
    mechanize (2.7.3)
      domain_name (~> 0.5, >= 0.5.1)
      http-cookie (~> 1.0)
      mime-types (~> 2.0)
      net-http-digest_auth (~> 1.1, >= 1.1.1)
      net-http-persistent (~> 2.5, >= 2.5.2)
      nokogiri (~> 1.4)
      ntlm-http (~> 0.1, >= 0.1.1)
      webrobots (>= 0.0.9, < 0.2)
    method_locator (0.0.4)
    method_source (0.8.2)
    methodfinder (2.0.0)
    mime-types (2.3)
    mini_portile (0.6.0)
    minitest (5.4.2)
    mongoid (4.0.0)
      activemodel (~> 4.0)
      moped (~> 2.0.0)
      origin (~> 2.1)
      tzinfo (>= 0.3.37)
    moped (2.0.1)
      bson (~> 2.2)
      connection_pool (~> 2.0)
      optionable (~> 0.2.0)
    multi_json (1.10.1)
    mysql2 (0.3.16)
    net-http-digest_auth (1.4)
    net-http-persistent (2.9.4)
    nlpir (1.1.0)
    nokogiri (1.6.3.1)
      mini_portile (= 0.6.0)
    nori (2.4.0)
    ntlm-http (0.1.1)
    optionable (0.2.0)
    ori (0.1.0)
    origin (2.1.1)
    orm_adapter (0.5.0)
    os (0.9.6)
    paint (0.8.7)
    parallel (1.3.3)
    pdf-core (0.2.5)
    pdf-reader (1.3.3)
      Ascii85 (~> 1.0.0)
      afm (~> 0.2.0)
      hashery (~> 2.0)
      ruby-rc4
      ttfunk
    pdf-stamper (0.3.0)
    pdftk (0.0.4)
      rails
    prawn (1.2.1)
      pdf-core (~> 0.2.5)
      ttfunk (~> 1.2.0)
    pundit (0.3.0)
      activesupport (>= 3.0.0)
    rack (1.5.2)
    rack-test (0.6.2)
      rack (>= 1.0)
    rails (4.1.6)
      actionmailer (= 4.1.6)
      actionpack (= 4.1.6)
      actionview (= 4.1.6)
      activemodel (= 4.1.6)
      activerecord (= 4.1.6)
      activesupport (= 4.1.6)
      bundler (>= 1.3.0, < 2.0)
      railties (= 4.1.6)
      sprockets-rails (~> 2.0)
    rails-i18n (4.0.3)
      i18n (~> 0.6)
      railties (~> 4.0)
    railties (4.1.6)
      actionpack (= 4.1.6)
      activesupport (= 4.1.6)
      rake (>= 0.8.7)
      thor (>= 0.18.1, < 2.0)
    rainbow (2.0.0)
    raindrops (0.13.0)
    rake (10.3.2)
    redis (3.1.0)
    redis-activesupport (4.0.0)
      activesupport (~> 4)
      redis-store (~> 1.1.0)
    redis-namespace (1.5.1)
      redis (~> 3.0, >= 3.0.4)
    redis-store (1.1.4)
      redis (>= 2.2)
    reek (1.3.8)
      rainbow (>= 1.99, < 3.0)
      ruby2ruby (>= 2.0.8, < 3.0)
      ruby_parser (~> 3.3)
      sexp_processor
    ref (1.0.5)
    request_store (1.0.8)
    rspec (3.1.0)
      rspec-core (~> 3.1.0)
      rspec-expectations (~> 3.1.0)
      rspec-mocks (~> 3.1.0)
    rspec-core (3.1.7)
      rspec-support (~> 3.1.0)
    rspec-expectations (3.1.2)
      diff-lcs (>= 1.2.0, < 2.0)
      rspec-support (~> 3.1.0)
    rspec-mocks (3.1.3)
      rspec-support (~> 3.1.0)
    rspec-support (3.1.2)
    ruby-rc4 (0.1.5)
    ruby2ruby (2.1.2)
      ruby_parser (~> 3.1)
      sexp_processor (~> 4.0)
    ruby_engine (1.0.1)
    ruby_info (1.0.1)
    ruby_parser (3.5.0)
      sexp_processor (~> 4.1)
    ruby_version (1.0.1)
    rubyscript2exe (0.5.3)
    rubytree (0.9.4)
      json (~> 1.8)
      structured_warnings (~> 0.1)
    sass (3.3.8)
    savon (2.7.2)
      akami (~> 1.2.0)
      builder (>= 2.1.2)
      gyoku (~> 1.1.0)
      httpi (~> 2.2.3)
      nokogiri (>= 1.4.0)
      nori (~> 2.4.0)
      uuid (~> 2.3.7)
      wasabi (~> 3.3.0)
    sexp_processor (4.4.4)
    sidekiq (3.2.5)
      celluloid (= 0.15.2)
      connection_pool (>= 2.0.0)
      json
      redis (>= 3.0.6)
      redis-namespace (>= 1.3.1)
    slim (2.0.3)
      temple (~> 0.6.6)
      tilt (>= 1.3.3, < 2.1)
    spoon (0.0.4)
      ffi
    sprockets (2.12.2)
      hike (~> 1.2)
      multi_json (~> 1.0)
      rack (~> 1.0)
      tilt (~> 1.1, != 1.3.0)
    sprockets-rails (2.1.4)
      actionpack (>= 3.0)
      activesupport (>= 3.0)
      sprockets (~> 2.8)
    structured_warnings (0.1.4)
    systemu (2.6.4)
    temple (0.6.8)
    terminal-table (1.4.5)
    therubyracer (0.12.1)
      libv8 (~> 3.16.14.0)
      ref
    thin (1.6.2)
      daemons (>= 1.0.9)
      eventmachine (>= 1.0.0)
      rack (>= 1.0.0)
    thor (0.19.1)
    thread_safe (0.3.4)
    tilt (1.4.1)
    timers (1.1.0)
    transmuter (0.0.0.1)
    ttfunk (1.2.2)
    tzinfo (1.2.2)
      thread_safe (~> 0.1)
    uber (0.0.8)
    unf (0.1.4)
      unf_ext
    unf_ext (0.0.6)
    unicode-display_width (0.1.1)
    unicorn (4.8.3)
      kgio (~> 2.6)
      rack
      raindrops (~> 0.7)
    uuid (2.3.7)
      macaddr (~> 1.0)
    warden (1.2.3)
      rack (>= 1.0)
    wasabi (3.3.1)
      httpi (~> 2.0)
      nokogiri (>= 1.4.0)
    webrobots (0.1.1)
    whenever (0.9.4)
      chronic (>= 0.6.3)
    wirb (1.0.3)
      paint (~> 0.8)

PLATFORMS
  ruby

DEPENDENCIES
  auto-correct
  awesome_nested_set
  awesome_print
  better_errors
  bindata
  brakeman
  browser
  camping
  carrierwave
  devise
  factory_girl
  factory_girl_rails
  gem-browse
  gon
  hooks
  irbtools
  irbtools-more
  kaminari
  mechanize
  mongoid
  mysql2
  nlpir
  parallel
  pdf-reader
  pdf-stamper
  pdftk
  prawn
  pundit
  rack
  rails
  rails-i18n
  redis-activesupport
  reek
  rspec
  rubyscript2exe
  rubytree
  savon
  sidekiq
  therubyracer
  thin
  thor
  transmuter
  unicorn
  warden
  whenever
